GEM
  remote: https://rubygems.org/
  specs:
    ahl_scraper (0.4.1)
      json (~> 2.5.1)
      nokogiri (~> 1.14.0)
      rake (~> 13.0.0)
    json (2.5.1)
    nokogiri (1.14.5-arm64-darwin)
      racc (~> 1.4)
    nokogiri (1.14.5-x86_64-linux)
      racc (~> 1.4)
    racc (1.8.1)
    rake (13.0.6)

PLATFORMS
  arm64-darwin-24
  x86_64-linux

DEPENDENCIES
  ahl_scraper

BUNDLED WITH
   2.4.10
